GEM
  remote: https://rubygems.org/
  specs:
    activesupport (4.2.7.1)
      i18n (~> 0.7)
      json (~> 1.7, >= 1.7.7)
      minitest (~> 5.1)
      thread_safe (~> 0.3, >= 0.3.4)
      tzinfo (~> 1.1)
    addressable (2.4.0)
    backports (3.6.8)
    builder (3.2.2)
    coderay (1.1.1)
    coffee-script (2.4.1)
      coffee-script-source
      execjs
    coffee-script-source (1.10.0)
    compass-import-once (1.0.5)
      sass (>= 3.2, < 3.5)
    concurrent-ruby (1.0.2)
    contracts (0.13.0)
    diff-lcs (1.2.5)
    dotenv (2.1.1)
    ebnf (1.1.0)
      rdf (~> 2.0)
      sxp (~> 1.0)
    erubis (2.7.0)
    execjs (2.7.0)
    fast_blank (1.0.0)
    fastimage (2.0.0)
      addressable (~> 2)
    ffi (1.9.14)
    haml (4.0.7)
      tilt
    hamster (3.0.0)
      concurrent-ruby (~> 1.0)
    hashie (3.4.6)
    httmultiparty (0.3.16)
      httparty (>= 0.7.3)
      mimemagic
      multipart-post
    httparty (0.14.0)
      multi_xml (>= 0.5.2)
    humanize (1.2.3)
    i18n (0.7.0)
    json (1.8.3)
    kramdown (1.12.0)
    link_header (0.0.8)
    listen (3.0.8)
      rb-fsevent (~> 0.9, >= 0.9.4)
      rb-inotify (~> 0.9, >= 0.9.7)
    memoist (0.15.0)
    method_source (0.8.2)
    middleman (4.1.10)
      coffee-script (~> 2.2)
      compass-import-once (= 1.0.5)
      haml (>= 4.0.5)
      kramdown (~> 1.2)
      middleman-cli (= 4.1.10)
      middleman-core (= 4.1.10)
      sass (>= 3.4.0, < 4.0)
    middleman-cli (4.1.10)
      thor (>= 0.17.0, < 2.0)
    middleman-core (4.1.10)
      activesupport (~> 4.2)
      addressable (~> 2.3)
      backports (~> 3.6)
      bundler (~> 1.1)
      contracts (~> 0.13.0)
      dotenv
      erubis
      execjs (~> 2.0)
      fast_blank
      fastimage (~> 2.0)
      hamster (~> 3.0)
      hashie (~> 3.4)
      i18n (~> 0.7.0)
      listen (~> 3.0.0)
      memoist (~> 0.14)
      padrino-helpers (~> 0.13.0)
      parallel
      rack (>= 1.4.5, < 2.0)
      sass (>= 3.4)
      servolux
      tilt (~> 1.4.1)
      uglifier (~> 3.0)
    middleman-gh-pages (0.3.1)
      rake (> 0.9.3)
    mimemagic (0.3.2)
    mini_portile2 (2.1.0)
    minitest (5.9.0)
    multi_json (1.12.1)
    multi_xml (0.5.5)
    multipart-post (2.0.0)
    net-http-persistent (2.9.4)
    nokogiri (1.6.8)
      mini_portile2 (~> 2.1.0)
      pkg-config (~> 1.1.7)
    padrino-helpers (0.13.3.2)
      i18n (~> 0.6, >= 0.6.7)
      padrino-support (= 0.13.3.2)
      tilt (>= 1.4.1, < 3)
    padrino-support (0.13.3.2)
      activesupport (>= 3.1)
    parallel (1.9.0)
    pg (0.19.0)
    pg_array_parser (0.0.9)
    pkg-config (1.1.7)
    pry (0.10.4)
      coderay (~> 1.1.0)
      method_source (~> 0.8.1)
      slop (~> 3.4)
    rack (1.6.4)
    rake (11.3.0)
    rb-fsevent (0.9.7)
    rb-inotify (0.9.7)
      ffi (>= 0.5.0)
    rb-readline (0.5.3)
    rdf (2.1.1)
      hamster (~> 3.0)
      link_header (~> 0.0, >= 0.0.8)
    rdf-aggregate-repo (2.0.0)
      rdf (~> 2.0)
    rdf-xsd (2.0.0)
      rdf (~> 2.0)
    rgeo (0.5.3)
    rgeo-geojson (0.4.3)
      rgeo (~> 0.5)
    rspec (3.5.0)
      rspec-core (~> 3.5.0)
      rspec-expectations (~> 3.5.0)
      rspec-mocks (~> 3.5.0)
    rspec-core (3.5.4)
      rspec-support (~> 3.5.0)
    rspec-expectations (3.5.0)
      diff-lcs (>= 1.2.0, < 2.0)
      rspec-support (~> 3.5.0)
    rspec-mocks (3.5.0)
      diff-lcs (>= 1.2.0, < 2.0)
      rspec-support (~> 3.5.0)
    rspec-support (3.5.0)
    sass (3.4.22)
    servolux (0.12.0)
    silva (0.1.3)
    slop (3.6.0)
    sparql (2.0.0)
      builder (~> 3.2)
      ebnf (~> 1.0, >= 1.0.1)
      rdf (~> 2.0)
      rdf-aggregate-repo (~> 2.0)
      rdf-xsd (~> 2.0)
      sparql-client (~> 2.0)
      sxp (~> 1.0)
    sparql-client (2.1.0)
      net-http-persistent (~> 2.9)
      rdf (~> 2.0)
    strava-api-v3 (0.6.0)
      httmultiparty
      multi_json
    sxp (1.0.0)
      rdf (~> 2.0)
    thor (0.19.1)
    thread_safe (0.3.5)
    tilt (1.4.1)
    tzinfo (1.2.2)
      thread_safe (~> 0.1)
    uglifier (3.0.2)
      execjs (>= 0.3.0, < 3)

PLATFORMS
  ruby

DEPENDENCIES
  humanize
  middleman
  middleman-gh-pages
  nokogiri
  pg
  pg_array_parser
  pry
  rake
  rb-readline
  rgeo
  rgeo-geojson
  rspec
  silva
  sparql
  strava-api-v3

RUBY VERSION
   ruby 2.3.1p112

BUNDLED WITH
   1.13.1
